GEM
  remote: https://rubygems.org/
  specs:
    bitpay-key-utils (2.0.1)
      ecdsa (~> 1.2)
    bitpay-sdk (2.4.4)
      bitpay-key-utils (~> 2.0.0)
      json (~> 1.8)
      rack (~> 1.5)
    ecdsa (1.2.0)
    json (1.8.3)
    minitest (5.7.0)
    rack (1.6.2)
    rack-protection (1.5.3)
      rack
    sinatra (1.4.6)
      rack (~> 1.4)
      rack-protection (~> 1.4)
      tilt (>= 1.3, < 3)
    tilt (2.0.1)

PLATFORMS
  ruby

DEPENDENCIES
  bitpay-sdk
  minitest
  sinatra

BUNDLED WITH
   1.10.4
